GEM
  remote: http://rubygems.org/
  remote: http://gems.github.com/
  specs:
    aws-sdk (1.2.5)
      httparty (~> 0.7)
      json (~> 1.4)
      nokogiri (>= 1.4.4)
      uuidtools (~> 2.1)
    httparty (0.8.1)
      multi_json
      multi_xml
    json (1.6.4)
    multi_json (1.0.4)
    multi_xml (0.4.1)
    nokogiri (1.5.0)
    right_aws (3.0.0)
      right_http_connection (>= 1.2.5)
    right_http_connection (1.3.0)
    uuidtools (2.1.2)

PLATFORMS
  ruby

DEPENDENCIES
  aws-sdk
  right_aws
